GEM
  remote: https://rubygems.org/
  specs:
    cinch (2.3.3)
    ethon (0.10.1)
      ffi (>= 1.3.0)
    ffi (1.9.14)
    oj (2.18.0)
    slop (4.4.1)
    table_print (1.5.6)
    typhoeus (1.1.2)
      ethon (>= 0.9.0)

PLATFORMS
  ruby

DEPENDENCIES
  cinch
  oj
  slop
  table_print
  typhoeus

BUNDLED WITH
   1.13.1
